GEM
  remote: https://rubygems.org/
  specs:
    RedCloth (4.2.9)
    activesupport (6.0.6)
      concurrent-ruby (~> 1.0, >= 1.0.2)
      i18n (>= 0.7, < 2)
      minitest (~> 5.1)
      tzinfo (~> 1.1)
      zeitwerk (~> 2.2, >= 2.2.2)
    addressable (2.8.1)
      public_suffix (>= 2.0.2, < 6.0)
    async (2.2.1)
      console (~> 1.10)
      io-event (~> 1.1.0)
      timers (~> 4.1)
    blankslate (2.1.2.4)
    classifier (1.3.5)
      fast-stemmer (~> 1.0.0)
      mathn
      rake
    colorator (0.1)
    commander (4.1.6)
      highline (~> 1.6.11)
    concurrent-ruby (1.1.3)
    console (1.16.2)
      fiber-local
    ethon (0.16.0)
      ffi (>= 1.15.0)
    fast-stemmer (1.0.2)
    ffi (1.15.5)
    ffi (1.15.5-x64-mingw32)
    fiber-local (1.0.0)
    gemoji (1.5.0)
    github-pages (20)
      RedCloth (= 4.2.9)
      jekyll (= 1.5.1)
      jekyll-mentions (= 0.0.9)
      jekyll-redirect-from (= 0.3.1)
      jekyll-sitemap (= 0.3.0)
      jemoji (= 0.1.0)
      kramdown (= 1.3.1)
      liquid (= 2.5.5)
      maruku (= 0.7.0)
      rdiscount (= 2.1.7)
      redcarpet (= 2.3.0)
    highline (1.6.21)
    html-pipeline (1.5.0)
      activesupport (>= 2)
      nokogiri (~> 1.4)
    html-proofer (5.0.2)
      addressable (~> 2.3)
      async (~> 2.1)
      nokogiri (~> 1.13)
      rainbow (~> 3.0)
      typhoeus (~> 1.3)
      yell (~> 2.0)
      zeitwerk (~> 2.5)
    i18n (0.9.5)
      concurrent-ruby (~> 1.0)
    io-event (1.1.2)
    jekyll (1.5.1)
      classifier (~> 1.3)
      colorator (~> 0.1)
      commander (~> 4.1.3)
      liquid (~> 2.5.5)
      listen (~> 1.3)
      maruku (= 0.7.0)
      pygments.rb (~> 0.5.0)
      redcarpet (~> 2.3.0)
      safe_yaml (~> 1.0)
      toml (~> 0.1.0)
    jekyll-mentions (0.0.9)
      html-pipeline (~> 1.5.0)
      jekyll (~> 1.4)
    jekyll-redirect-from (0.3.1)
      jekyll (~> 1.4)
    jekyll-sitemap (0.3.0)
      jekyll (~> 1.4)
    jemoji (0.1.0)
      gemoji (~> 1.5.0)
      html-pipeline (~> 1.5.0)
      jekyll (~> 1.4)
    kramdown (1.3.1)
    liquid (2.5.5)
    listen (1.3.1)
      rb-fsevent (>= 0.9.3)
      rb-inotify (>= 0.9)
      rb-kqueue (>= 0.2)
    maruku (0.7.0)
    mathn (0.1.0)
    mini_portile2 (2.8.0)
    minitest (5.11.3)
    nokogiri (1.13.9)
      mini_portile2 (~> 2.8.0)
      racc (~> 1.4)
    parslet (1.5.0)
      blankslate (~> 2.0)
    posix-spawn (0.3.15)
    public_suffix (2.0.5)
    pygments.rb (0.5.4)
      posix-spawn (~> 0.3.6)
      yajl-ruby (~> 1.1.0)
    racc (1.6.0)
    rainbow (3.1.1)
    rake (13.0.6)
    rb-fsevent (0.10.3)
    rb-inotify (0.10.1)
      ffi (~> 1.0)
    rb-kqueue (0.2.8)
      ffi (>= 0.5.0)
    rdiscount (2.1.7)
    redcarpet (2.3.0)
    safe_yaml (1.0.4)
    thread_safe (0.3.6)
    timers (4.3.5)
    toml (0.1.2)
      parslet (~> 1.5.0)
    typhoeus (1.4.0)
      ethon (>= 0.9.0)
    tzinfo (1.2.10)
      thread_safe (~> 0.1)
    tzinfo-data (1.2022.6)
      tzinfo (>= 1.0.0)
    yajl-ruby (1.1.0)
    yell (2.0.7)
    zeitwerk (2.6.6)

PLATFORMS
  ruby
  x64-mingw32

DEPENDENCIES
  github-pages
  html-proofer
  tzinfo-data

RUBY VERSION
   ruby 2.7.1p83

BUNDLED WITH
   2.1.4
